GEM
  remote: http://rubygems.org/
  specs:
    activesupport (3.1.3)
      multi_json (~> 1.0)
    aker (3.0.3)
      activesupport (>= 2.3.0)
      castanet (~> 1.0.0)
      i18n (~> 0.4)
      net-ldap (~> 0.1.1)
      rubytree (~> 0.7.0)
      warden (~> 1.0)
    castanet (1.0.1)
    i18n (0.6.0)
    json (1.7.3)
    multi_json (1.0.4)
    net-ldap (0.1.1)
    rack (1.4.1)
    rack-protection (1.2.0)
      rack
    rubytree (0.7.0)
    sequel (3.35.0)
    sinatra (1.3.3)
      rack (~> 1.3, >= 1.3.6)
      rack-protection (~> 1.2)
      tilt (~> 1.3, >= 1.3.3)
    sqlite3 (1.3.6)
    tilt (1.3.3)
    warden (1.1.0)
      rack (>= 1.0)

PLATFORMS
  ruby

DEPENDENCIES
  aker
  json
  sequel
  sinatra
  sqlite3
